GIT
  remote: https://github.com/mr-dxdy/sequel-pg-comment.git
  revision: 88f91b550e4133b5fc865dfe2ce8692652f3163f
  branch: remove_git-version-bump
  specs:
    sequel-pg-comment (2.0.1)
      sequel

GEM
  remote: https://rubygems.org/
  specs:
    actionview (5.2.6)
      activesupport (= 5.2.6)
      builder (~> 3.1)
      erubi (~> 1.4)
      rails-dom-testing (~> 2.0)
      rails-html-sanitizer (~> 1.0, >= 1.0.3)
    activesupport (5.2.6)
      concurrent-ruby (~> 1.0, >= 1.0.2)
      i18n (>= 0.7, < 2)
      minitest (~> 5.1)
      tzinfo (~> 1.1)
    ast (2.4.2)
    builder (3.2.4)
    chronic (0.10.2)
    chronic_duration (0.10.6)
      numerizer (~> 0.1.1)
    coderay (1.1.3)
    concurrent-ruby (1.1.9)
    crass (1.0.6)
    discordrb (3.4.0)
      discordrb-webhooks (~> 3.3.0)
      ffi (>= 1.9.24)
      opus-ruby
      rest-client (>= 2.0.0)
      websocket-client-simple (>= 0.3.0)
    discordrb-webhooks (3.3.0)
      rest-client (>= 2.1.0.rc1)
    domain_name (0.5.20190701)
      unf (>= 0.0.5, < 1.0.0)
    dotenv (2.7.6)
    e2mmap (0.1.0)
    erubi (1.10.0)
    ethon (0.14.0)
      ffi (>= 1.15.0)
    event_emitter (0.2.6)
    ffi (1.15.4)
    ffi (1.15.4-x64-mingw32)
    ffi (1.15.4-x86-mingw32)
    foreman (0.87.2)
    graphql (1.12.16)
    graphql-client (0.12.3)
      activesupport (>= 3.0, < 6.0)
      graphql (~> 1.6)
    hashie (3.6.0)
    http-accept (1.7.0)
    http-cookie (1.0.4)
      domain_name (~> 0.5)
    i18n (1.8.10)
      concurrent-ruby (~> 1.0)
    loofah (2.12.0)
      crass (~> 1.0.2)
      nokogiri (>= 1.5.9)
    lru_redux (1.1.0)
    memoist (0.15.0)
    method_source (1.0.0)
    mime-types (3.3.1)
      mime-types-data (~> 3.2015)
    mime-types-data (3.2021.0901)
    mini_portile2 (2.8.0)
    minitest (5.14.4)
    netrc (0.11.0)
    nokogiri (1.13.2)
      mini_portile2 (~> 2.8.0)
      racc (~> 1.4)
    nokogiri (1.13.2-x64-mingw32)
      racc (~> 1.4)
    nokogiri (1.13.2-x86_64-linux)
      racc (~> 1.4)
    numbers_in_words (0.4.1)
    numerizer (0.1.1)
    opus-ruby (1.0.1)
      ffi
    parallel (1.21.0)
    parser (3.0.2.0)
      ast (~> 2.4.1)
    pastel (0.8.0)
      tty-color (~> 0.5)
    pg (1.2.3)
    pg (1.2.3-x64-mingw32)
    pg (1.2.3-x86-mingw32)
    polyglot (0.3.5)
    pry (0.14.1)
      coderay (~> 1.1)
      method_source (~> 1.0)
    pry-remote (0.1.8)
      pry (~> 0.9)
      slop (~> 3.0)
    racc (1.6.0)
    rails-dom-testing (2.0.3)
      activesupport (>= 4.2.0)
      nokogiri (>= 1.6)
    rails-html-sanitizer (1.4.2)
      loofah (~> 2.3)
    rainbow (3.0.0)
    rake (12.3.3)
    regexp_parser (2.1.1)
    rest-client (2.1.0)
      http-accept (>= 1.7.0, < 2.0)
      http-cookie (>= 1.0.2, < 2.0)
      mime-types (>= 1.16, < 4.0)
      netrc (~> 0.8)
    rest-client (2.1.0-x64-mingw32)
      ffi (~> 1.9)
      http-accept (>= 1.7.0, < 2.0)
      http-cookie (>= 1.0.2, < 2.0)
      mime-types (>= 1.16, < 4.0)
      netrc (~> 0.8)
    rest-client (2.1.0-x86-mingw32)
      ffi (~> 1.9)
      http-accept (>= 1.7.0, < 2.0)
      http-cookie (>= 1.0.2, < 2.0)
      mime-types (>= 1.16, < 4.0)
      netrc (~> 0.8)
    rexml (3.2.5)
    roman-numerals (0.3.0)
    rubocop (0.93.1)
      parallel (~> 1.10)
      parser (>= 2.7.1.5)
      rainbow (>= 2.2.2, < 4.0)
      regexp_parser (>= 1.8)
      rexml
      rubocop-ast (>= 0.6.0)
      ruby-progressbar (~> 1.7)
      unicode-display_width (>= 1.4.0, < 2.0)
    rubocop-ast (1.12.0)
      parser (>= 3.0.1.1)
    ruby-progressbar (1.11.0)
    sequel (5.49.0)
    sequel_pg (1.14.0)
      pg (>= 0.18.0, != 1.2.0)
      sequel (>= 4.38.0)
    slop (3.6.0)
    sparkr (0.4.1)
    thread_safe (0.3.6)
    thwait (0.2.0)
      e2mmap
    treetop (1.6.11)
      polyglot (~> 0.3)
    tty-color (0.6.0)
    tty-cursor (0.7.1)
    tty-prompt (0.23.1)
      pastel (~> 0.8)
      tty-reader (~> 0.8)
    tty-reader (0.9.0)
      tty-cursor (~> 0.7)
      tty-screen (~> 0.8)
      wisper (~> 2.0)
    tty-screen (0.8.1)
    typhoeus (0.6.9)
      ethon (>= 0.7.1)
    tzinfo (1.2.9)
      thread_safe (~> 0.1)
    unf (0.1.4)
      unf_ext
    unf_ext (0.0.8)
    unf_ext (0.0.8-x64-mingw32)
    unf_ext (0.0.8-x86-mingw32)
    unicode-display_width (1.8.0)
    websocket (1.2.9)
    websocket-client-simple (0.3.0)
      event_emitter
      websocket
    wisper (2.0.1)

PLATFORMS
  mingw32
  ruby
  x86_64-linux

DEPENDENCIES
  actionview (~> 5.2)
  activesupport (~> 5.2)
  chronic (~> 0.10.2)
  chronic_duration (~> 0.10.2)
  discordrb (~> 3.3)
  dotenv (~> 2.5)
  foreman
  graphql-client (~> 0.12.1)
  hashie (~> 3.3)
  lru_redux (~> 1.1)
  memoist (~> 0.15.0)
  nokogiri (~> 1.13)
  numbers_in_words (~> 0.4.0)
  pg (~> 1.1)
  pry
  pry-remote (~> 0.1.8)
  rake (~> 12.3)
  roman-numerals (~> 0.3.0)
  rubocop (~> 0.62)
  sequel (~> 5.10)
  sequel-pg-comment!
  sequel_pg (~> 1.11)
  sparkr (~> 0.4.1)
  thwait (~> 0.2)
  treetop (~> 1.6)
  tty-prompt (~> 0.18)
  typhoeus (~> 0.6.9)
  tzinfo (~> 1.2)

RUBY VERSION
   ruby 2.5.1p57

BUNDLED WITH
   2.2.27
